GEM
  remote: https://rubygems.org/
  specs:
    activesupport (7.0.2.3)
      concurrent-ruby (~> 1.0, >= 1.0.2)
      i18n (>= 1.6, < 2)
      minitest (>= 5.1)
      tzinfo (~> 2.0)
    colorize (0.8.1)
    concurrent-ruby (1.1.10)
    csv (3.2.2)
    ffi (1.15.5)
    i18n (1.10.0)
      concurrent-ruby (~> 1.0)
    interactive_editor (0.0.11)
      spoon (>= 0.0.1)
    minitest (5.15.0)
    open3 (0.1.1)
    spoon (0.0.6)
      ffi
    tzinfo (2.0.4)
      concurrent-ruby (~> 1.0)
    yaml (0.2.0)

PLATFORMS
  x86_64-linux

DEPENDENCIES
  activesupport (~> 7.0)
  colorize (~> 0.8.1)
  csv (~> 3.2)
  interactive_editor (~> 0.0.11)
  open3 (~> 0.1.1)
  yaml (~> 0.2.0)

BUNDLED WITH
   2.3.7
